PATH
  remote: .
  specs:
    niconico-ranking-crawler (0.0.1)
      activerecord (~> 4.0.0)
      configatron (= 3.0.0.rc1)
      gli (= 2.8.1)
      nicoquery
      pg

GEM
  remote: https://rubygems.org/
  specs:
    activemodel (4.0.0)
      activesupport (= 4.0.0)
      builder (~> 3.1.0)
    activerecord (4.0.0)
      activemodel (= 4.0.0)
      activerecord-deprecated_finders (~> 1.0.2)
      activesupport (= 4.0.0)
      arel (~> 4.0.0)
    activerecord-deprecated_finders (1.0.3)
    activesupport (4.0.0)
      i18n (~> 0.6, >= 0.6.4)
      minitest (~> 4.2)
      multi_json (~> 1.3)
      thread_safe (~> 0.1)
      tzinfo (~> 0.3.37)
    addressable (2.3.5)
    arel (4.0.1)
    aruba (0.5.3)
      childprocess (>= 0.3.6)
      cucumber (>= 1.1.1)
      rspec-expectations (>= 2.7.0)
    atomic (1.1.14)
    builder (3.1.4)
    childprocess (0.3.9)
      ffi (~> 1.0, >= 1.0.11)
    coderay (1.0.9)
    configatron (3.0.0.rc1)
    crack (0.4.1)
      safe_yaml (~> 0.9.0)
    cucumber (1.3.8)
      builder (>= 2.1.2)
      diff-lcs (>= 1.1.3)
      gherkin (~> 2.12.1)
      multi_json (>= 1.7.5, < 2.0)
      multi_test (>= 0.0.2)
    database_cleaner (1.2.0)
    diff-lcs (1.2.4)
    factory_girl (4.2.0)
      activesupport (>= 3.0.0)
    ffi (1.9.2)
    gherkin (2.12.2)
      multi_json (~> 1.3)
    gli (2.8.1)
    i18n (0.6.5)
    json (1.8.1)
    method_source (0.8.2)
    mime-types (2.0)
    mini_portile (0.5.2)
    minitest (4.7.5)
    multi_json (1.8.2)
    multi_test (0.0.2)
    nicoapi (0.0.6.1)
      activesupport (~> 4.0.0)
      i18n
      rest-client
    nicoquery (0.0.3)
      activesupport (~> 4.0.0)
      i18n
      nicoapi
      nokogiri
      nori
      rest-client
    nokogiri (1.6.0)
      mini_portile (~> 0.5.0)
    nori (2.3.0)
    pg (0.16.0)
    pry (0.9.12.2)
      coderay (~> 1.0.5)
      method_source (~> 0.8)
      slop (~> 3.4)
    rake (10.1.0)
    rdoc (4.0.1)
      json (~> 1.4)
    rest-client (1.6.7)
      mime-types (>= 1.16)
    rspec (2.14.1)
      rspec-core (~> 2.14.0)
      rspec-expectations (~> 2.14.0)
      rspec-mocks (~> 2.14.0)
    rspec-core (2.14.7)
    rspec-expectations (2.14.3)
      diff-lcs (>= 1.1.3, < 2.0)
    rspec-mocks (2.14.4)
    safe_yaml (0.9.7)
    slop (3.4.6)
    thread_safe (0.1.3)
      atomic
    tzinfo (0.3.38)
    webmock (1.15.0)
      addressable (>= 2.2.7)
      crack (>= 0.3.2)

PLATFORMS
  ruby

DEPENDENCIES
  aruba
  database_cleaner
  factory_girl
  niconico-ranking-crawler!
  pry
  rake
  rdoc
  rspec
  webmock
